GEM
  remote: https://rubygems.org/
  specs:
    haml (3.1.7)
    kramdown (1.0.1)
    rack (1.5.2)
    rack-protection (1.4.0)
      rack
    rake (10.0.3)
    redcarpet (2.2.2)
    shotgun (0.9)
      rack (>= 1.0)
    sinatra (1.3.5)
      rack (~> 1.4)
      rack-protection (~> 1.3)
      tilt (~> 1.3, >= 1.3.3)
    tilt (1.3.5)

PLATFORMS
  ruby

DEPENDENCIES
  haml
  kramdown
  rake
  redcarpet
  shotgun
  sinatra
