GEM
  remote: https://rubygems.org/
  specs:
    haml (3.1.7)
    rack (1.5.2)
    rack-protection (1.4.0)
      rack
    rake (10.0.3)
    rdiscount (2.0.7.1)
    redcarpet (2.2.2)
    shotgun (0.9)
      rack (>= 1.0)
    sinatra (1.3.5)
      rack (~> 1.4)
      rack-protection (~> 1.3)
      tilt (~> 1.3, >= 1.3.3)
    tilt (1.3.5)

PLATFORMS
  ruby

DEPENDENCIES
  haml
  rake
  rdiscount
  redcarpet
  shotgun
  sinatra
